GEM
  remote: https://rubygems.org/
  specs:
    words_counted (1.0.2)

PLATFORMS
  ruby

DEPENDENCIES
  words_counted

BUNDLED WITH
   1.10.6
